PATH
  remote: .
  specs:
    ecreporter (0.0.1)
      awesome_print
      faye-websocket
      haml
      json
      naturally
      nokogiri
      puma
      sinatra
      sinatra-activerecord

GEM
  remote: https://rubygems.org/
  specs:
    activemodel (4.2.1)
      activesupport (= 4.2.1)
      builder (~> 3.1)
    activerecord (4.2.1)
      activemodel (= 4.2.1)
      activesupport (= 4.2.1)
      arel (~> 6.0)
    activesupport (4.2.1)
      i18n (~> 0.7)
      json (~> 1.7, >= 1.7.7)
      minitest (~> 5.1)
      thread_safe (~> 0.3, >= 0.3.4)
      tzinfo (~> 1.1)
    arel (6.0.0)
    awesome_print (1.6.1)
    builder (3.2.2)
    eventmachine (1.0.7)
    faye-websocket (0.9.2)
      eventmachine (>= 0.12.0)
      websocket-driver (>= 0.5.1)
    foreman (0.78.0)
      thor (~> 0.19.1)
    haml (4.0.6)
      tilt
    i18n (0.7.0)
    json (1.8.2)
    mini_portile (0.6.2)
    minitest (5.6.1)
    naturally (1.3.2)
    nokogiri (1.6.6.2)
      mini_portile (~> 0.6.0)
    puma (2.11.2)
      rack (>= 1.1, < 2.0)
    rack (1.6.1)
    rack-protection (1.5.3)
      rack
    rake (10.4.2)
    sinatra (1.4.6)
      rack (~> 1.4)
      rack-protection (~> 1.4)
      tilt (>= 1.3, < 3)
    sinatra-activerecord (2.0.6)
      activerecord (>= 3.2)
      sinatra (~> 1.0)
    thor (0.19.1)
    thread_safe (0.3.5)
    tilt (2.0.1)
    tzinfo (1.2.2)
      thread_safe (~> 0.1)
    websocket-driver (0.5.4)
      websocket-extensions (>= 0.1.0)
    websocket-extensions (0.1.2)

PLATFORMS
  ruby

DEPENDENCIES
  bundler
  ecreporter!
  foreman
  rake
